PATH
  remote: .
  specs:
    whats_up (1.2.2)

GEM
  remote: http://rubygems.org/
  specs:
    diff-lcs (1.5.1)
    rspec (3.13.0)
      rspec-core (~> 3.13.0)
      rspec-expectations (~> 3.13.0)
      rspec-mocks (~> 3.13.0)
    rspec-core (3.13.0)
      rspec-support (~> 3.13.0)
    rspec-expectations (3.13.0)
      diff-lcs (>= 1.2.0, < 2.0)
      rspec-support (~> 3.13.0)
    rspec-mocks (3.13.0)
      diff-lcs (>= 1.2.0, < 2.0)
      rspec-support (~> 3.13.0)
    rspec-support (3.13.1)

PLATFORMS
  ruby

DEPENDENCIES
  bundler
  rspec
  whats_up!

BUNDLED WITH
   2.5.6
