PATH
  remote: .
  specs:
    whats_up (1.2.2)
      sdoc

GEM
  remote: http://rubygems.org/
  specs:
    diff-lcs (1.5.1)
    psych (5.1.2)
      stringio
    rdoc (6.6.2)
      psych (>= 4.0.0)
    rspec (3.13.0)
      rspec-core (~> 3.13.0)
      rspec-expectations (~> 3.13.0)
      rspec-mocks (~> 3.13.0)
    rspec-core (3.13.0)
      rspec-support (~> 3.13.0)
    rspec-expectations (3.13.0)
      diff-lcs (>= 1.2.0, < 2.0)
      rspec-support (~> 3.13.0)
    rspec-mocks (3.13.0)
      diff-lcs (>= 1.2.0, < 2.0)
      rspec-support (~> 3.13.0)
    rspec-support (3.13.1)
    sdoc (2.6.1)
      rdoc (>= 5.0)
    stringio (3.1.0)

PLATFORMS
  ruby

DEPENDENCIES
  bundler
  rspec
  whats_up!

BUNDLED WITH
   2.5.6
